GEM
  remote: https://rubygems.org/
  specs:
    cgi (0.3.6)
    date (3.3.3)
    digest (3.1.1)
    erb (4.0.2)
      cgi (>= 0.3.3)
    fileutils (1.7.1)
    json (2.6.3)
    open-uri (0.3.0)
      stringio
      time
      uri
    stringio (3.0.7)
    time (0.2.2)
      date
    tmpdir (0.1.3)
      fileutils
    uri (0.12.2)
    webrick (1.8.1)
    yaml (0.2.1)

PLATFORMS
  x86_64-linux

DEPENDENCIES
  cgi
  date
  digest
  erb
  fileutils
  json
  open-uri
  tmpdir
  uri
  webrick
  yaml

BUNDLED WITH
   2.4.10
